GEM
  remote: https://rubygems.org/
  specs:
    addressable (2.7.0)
      public_suffix (>= 2.0.2, < 5.0)
    nokogiri (1.11.1-x86_64-darwin)
      racc (~> 1.4)
    public_suffix (4.0.6)
    racc (1.5.2)
    sqlite3 (1.4.2)

PLATFORMS
  x86_64-darwin-18

DEPENDENCIES
  addressable
  nokogiri
  sqlite3

BUNDLED WITH
   2.2.3
